GEM
  remote: http://rubygems.org/
  specs:
    activesupport (3.2.2)
      i18n (~> 0.6)
      multi_json (~> 1.0)
    diff-lcs (1.1.3)
    factory_girl (2.6.4)
      activesupport (>= 2.3.9)
    i18n (0.6.0)
    json_pure (1.7.0)
    multi_json (1.1.0)
    rspec (2.9.0)
      rspec-core (~> 2.9.0)
      rspec-expectations (~> 2.9.0)
      rspec-mocks (~> 2.9.0)
    rspec-core (2.9.0)
    rspec-expectations (2.9.0)
      diff-lcs (~> 1.1.3)
    rspec-mocks (2.9.0)
    sequel (3.33.0)
    sqlite3 (1.3.6)
    sqlite3 (1.3.6-x86-mingw32)

PLATFORMS
  java
  x86-mingw32

DEPENDENCIES
  factory_girl
  json_pure
  rspec
  sequel
  sqlite3
