GEM
  remote: http://rubygems.org/
  specs:
    activesupport (3.2.8)
      i18n (~> 0.6)
      multi_json (~> 1.0)
    diff-lcs (1.1.3)
    eventmachine (1.0.3-x86-mingw32)
    factory_girl (4.1.0)
      activesupport (>= 3.0.0)
    ffi (1.4.0-x86-mingw32)
    i18n (0.6.1)
    json_pure (1.7.5)
    macaddr (1.6.1)
      systemu (~> 2.5.0)
    multi_json (1.3.6)
    rspec (2.11.0)
      rspec-core (~> 2.11.0)
      rspec-expectations (~> 2.11.0)
      rspec-mocks (~> 2.11.0)
    rspec-core (2.11.1)
    rspec-expectations (2.11.3)
      diff-lcs (~> 1.1.3)
    rspec-mocks (2.11.2)
    sequel (3.39.0)
    sqlite3 (1.3.6)
    sqlite3 (1.3.6-x86-mingw32)
    sys-filesystem (1.1.0)
      ffi
    systemu (2.5.2)

PLATFORMS
  ruby
  x86-mingw32

DEPENDENCIES
  eventmachine
  factory_girl
  json_pure
  macaddr
  rspec
  sequel
  sqlite3
  sys-filesystem
