GEM
  remote: http://rubygems.org/
  specs:
    bouncy-castle-java (1.5.0146.1)
    diff-lcs (1.1.3)
    jdbc-sqlite3 (3.6.14.2.056-java)
    jruby-openssl (0.7.6.1)
      bouncy-castle-java (>= 1.5.0146.1)
    json (1.5.0-java)
    json-jruby (1.5.0-java)
      json (= 1.5.0)
    rspec (2.9.0)
      rspec-core (~> 2.9.0)
      rspec-expectations (~> 2.9.0)
      rspec-mocks (~> 2.9.0)
    rspec-core (2.9.0)
    rspec-expectations (2.9.0)
      diff-lcs (~> 1.1.3)
    rspec-mocks (2.9.0)
    sequel (3.33.0)

PLATFORMS
  java

DEPENDENCIES
  jdbc-sqlite3
  jruby-openssl
  json-jruby
  rspec
  sequel
